PATH
  remote: .
  specs:
    rails2_asset_pipeline (0.3.2)
      sprockets

GEM
  remote: https://rubygems.org/
  specs:
    bump (0.3.9)
    diff-lcs (1.1.3)
    hike (1.2.3)
    json (1.7.6)
    multi_json (1.11.1)
    rack (1.6.1)
    rake (10.0.3)
    rspec (2.12.0)
      rspec-core (~> 2.12.0)
      rspec-expectations (~> 2.12.0)
      rspec-mocks (~> 2.12.0)
    rspec-core (2.12.2)
    rspec-expectations (2.12.1)
      diff-lcs (~> 1.1.3)
    rspec-mocks (2.12.1)
    sass (3.2.5)
    sprockets (2.12.3)
      hike (~> 1.2)
      multi_json (~> 1.0)
      rack (~> 1.0)
      tilt (~> 1.1, != 1.3.0)
    sprockets-sass (1.3.1)
      sprockets (~> 2.0)
      tilt (~> 1.1)
    tilt (1.4.1)

PLATFORMS
  ruby

DEPENDENCIES
  bump
  json
  rails2_asset_pipeline!
  rake
  rspec (~> 2)
  sass
  sprockets-sass

BUNDLED WITH
   1.10.3
